GIT
  remote: git://github.com/nabeta/enju_event.git
  revision: 04f5c2f24474d6853d67db517ac840a792dbbd33
  specs:
    enju_event (0.0.5)
      addressable
      attribute_normalizer (~> 1.0)
      cancan
      configatron
      devise
      enju_message (>= 0.0.5)
      event-calendar (~> 2.3.3)
      friendly_id (~> 4.0)
      has_scope
      inherited_resources
      paperclip
      rails (~> 3.1)
      simple_form
      state_machine
      sunspot_rails
      sunspot_solr
      will_paginate (~> 3.0)

GIT
  remote: git://github.com/nabeta/enju_news.git
  revision: 43902189ccf44b82b887dd208b84284c7746b39c
  specs:
    enju_news (0.0.2)
      cancan
      devise
      rails (~> 3.1)
      will_paginate (~> 3.0)

GIT
  remote: git://github.com/nabeta/enju_nii.git
  revision: 081a0464b9159a50463fc7d27930f96fcc739f53
  specs:
    enju_nii (0.0.2)
      cancan
      devise
      inherited_resources
      rails (~> 3.1)

GIT
  remote: git://github.com/nabeta/enju_oai.git
  revision: 0e7a88bc97de7785b8a5dceebad0a4f2bab832c6
  specs:
    enju_oai (0.0.1)
      rails (~> 3.1)

GIT
  remote: git://github.com/nabeta/isbn-tools.git
  revision: 05e31384f167aa7d1e560f76c1c3faf104d64709
  specs:
    isbn-tools (0.2.0)

GIT
  remote: git://github.com/nabeta/sunspot-rails-tester.git
  revision: 733d46622fd4080836ee688f00acdd2b77395af9
  specs:
    sunspot-rails-tester (0.0.4)
      sunspot_rails
      sunspot_solr

GIT
  remote: git://github.com/nabeta/vidibus-routing_error.git
  revision: be5b5ce9a21e188c2f1ba5d4a8f407ab9c7a51b1
  specs:
    vidibus-routing_error (0.2.1)
      rails (~> 3.1)

GIT
  remote: git://github.com/swanandp/acts_as_list.git
  revision: 7fd29b74eec9327a3d2a3033e1ca249ba04fc7e5
  specs:
    acts_as_list (0.1.4)

GEM
  remote: https://rubygems.org/
  specs:
    RedCloth (4.2.9)
    Saikuro (1.1.0)
    aaronh-chronic (0.3.9)
    actionmailer (3.2.0)
      actionpack (= 3.2.0)
      mail (~> 2.4.0)
    actionpack (3.2.0)
      activemodel (= 3.2.0)
      activesupport (= 3.2.0)
      builder (~> 3.0.0)
      erubis (~> 2.7.0)
      journey (~> 1.0.0)
      rack (~> 1.4.0)
      rack-cache (~> 1.1)
      rack-test (~> 0.6.1)
      sprockets (~> 2.1.2)
    activemodel (3.2.0)
      activesupport (= 3.2.0)
      builder (~> 3.0.0)
    activerecord (3.2.0)
      activemodel (= 3.2.0)
      activesupport (= 3.2.0)
      arel (~> 3.0.0)
      tzinfo (~> 0.3.29)
    activeresource (3.2.0)
      activemodel (= 3.2.0)
      activesupport (= 3.2.0)
    activesupport (3.2.0)
      i18n (~> 0.6)
      multi_json (~> 1.0)
    acts-as-taggable-on (2.2.2)
      rails (~> 3.0)
    addressable (2.2.6)
    annotate (2.4.0)
    ansi (1.4.1)
    arel (3.0.0)
    astrails-safe (0.2.7)
      aws-s3
      cloudfiles
      net-sftp
    attribute_normalizer (1.0.1)
    awesome_nested_set (2.1.0)
      activerecord (>= 3.0.0)
    aws-s3 (0.6.2)
      builder
      mime-types
      xml-simple
    aws-sdk (1.3.2)
      httparty (~> 0.7)
      json (~> 1.4)
      nokogiri (>= 1.4.4)
      uuidtools (~> 2.1)
    bcrypt-ruby (3.0.1)
    builder (3.0.0)
    cancan (1.6.7)
    chronic (0.3.0)
    churn (0.0.13)
      chronic (>= 0.2.3)
      hirb
      json_pure
      main
      ruby_parser (~> 2.0.4)
      sexp_processor (~> 3.0.3)
    client_side_validations (3.1.4)
    cloudfiles (1.5.0.1)
      json
    cocaine (0.2.1)
    coffee-rails (3.2.1)
      coffee-script (>= 2.2.0)
      railties (~> 3.2.0.beta)
    coffee-script (2.2.0)
      coffee-script-source
      execjs
    coffee-script-source (1.2.0)
    colored (1.2)
    configatron (2.9.0)
      yamler (>= 0.1.0)
    daemons (1.1.6)
    dalli (1.1.4)
    delayed_job (3.0.1)
      activesupport (~> 3.0)
    delayed_job_active_record (0.3.1)
      activerecord (> 2.1.0)
      delayed_job (~> 3.0.0)
    devise (2.0.0.rc2)
      bcrypt-ruby (~> 3.0)
      orm_adapter (~> 0.0.3)
      railties (~> 3.1)
      warden (~> 1.1)
    diff-lcs (1.1.3)
    dynamic_form (1.1.4)
    enju_message (0.0.7)
      addressable
      attribute_normalizer (~> 1.0)
      awesome_nested_set (~> 2.0)
      cancan
      configatron
      delayed_job_active_record
      devise
      friendly_id (~> 4.0)
      inherited_resources
      rails (~> 3.1)
      simple_form
      state_machine
      sunspot_rails
      sunspot_solr
      will_paginate (~> 3.0)
    erubis (2.7.0)
    escape (0.0.4)
    event-calendar (2.3.3)
    exception_notification (2.5.2)
      actionmailer (>= 3.0.4)
    execjs (1.3.0)
      multi_json (~> 1.0)
    extractcontent (0.0.1)
    factory_girl (2.5.0)
      activesupport
    factory_girl_rails (1.6.0)
      factory_girl (~> 2.5.0)
      railties (>= 3.0.0)
    fakeweb (1.3.0)
    fattr (2.2.0)
    ffi (1.0.11)
    file_wrapper (0.4.1)
    flay (1.4.3)
      ruby_parser (~> 2.0)
      sexp_processor (~> 3.0)
    flog (2.5.3)
      ruby_parser (~> 2.0)
      sexp_processor (~> 3.0)
    friendly_id (4.0.0)
    geocoder (1.1.0)
    guard (1.0.0)
      ffi (>= 0.5.0)
      thor (~> 0.14.6)
    guard-rspec (0.6.0)
      guard (>= 0.10.0)
    has_scope (0.5.1)
    hashie (1.2.0)
    highline (1.6.11)
    hike (1.2.1)
    hirb (0.6.0)
    hodel_3000_compliant_logger (0.1.0)
    httparty (0.8.1)
      multi_json
      multi_xml
    i18n (0.6.0)
    inherited_resources (1.3.0)
      has_scope (~> 0.5.0)
      responders (~> 0.6.0)
    journey (1.0.0)
    jquery-rails (2.0.0)
      railties (>= 3.2.0.beta, < 5.0)
      thor (~> 0.14)
    json (1.6.5)
    json_pure (1.6.5)
    kgio (2.7.2)
    levenshtein (0.2.0)
    levenshtein19 (0.2.0)
    library_stdnums (1.0.2)
    mail (2.4.1)
      i18n (>= 0.4.0)
      mime-types (~> 1.16)
      treetop (~> 1.4.8)
    main (4.7.1)
    marc (0.4.3)
    metric_fu (2.1.1)
      Saikuro (>= 1.1.0)
      activesupport (>= 2.0.0)
      chronic (~> 0.3.0)
      churn (>= 0.0.7)
      flay (>= 1.2.1)
      flog (>= 2.3.0)
      rails_best_practices (>= 0.6.4)
      rcov (>= 0.8.3.3)
      reek (>= 1.2.6)
      roodi (>= 2.1.0)
      syntax
    mime-types (1.17.2)
    multi_json (1.0.4)
    multi_xml (0.4.1)
    net-sftp (2.0.5)
      net-ssh (>= 2.0.9)
    net-ssh (2.3.0)
    nokogiri (1.5.0)
    oink (0.9.3)
      activerecord
      hodel_3000_compliant_logger
    omniauth (1.0.2)
      hashie (~> 1.2)
      rack
    options (2.3.0)
      fattr
    orm_adapter (0.0.6)
    paper_trail (2.6.0)
      rails (~> 3)
    paperclip (2.5.0)
      activerecord (>= 2.3.0)
      activesupport (>= 2.3.2)
      cocaine (>= 0.0.2)
      mime-types
    parallel (0.5.12)
    parallel_tests (0.6.16)
      parallel
    pg (0.12.2)
    polyglot (0.3.3)
    pr_geohash (1.0.0)
    progress_bar (0.4.0)
      highline (~> 1.6.1)
      options (~> 2.3.0)
    progressbar (0.9.2)
    rack (1.4.1)
    rack-cache (1.1)
      rack (>= 0.4)
    rack-protection (1.2.0)
      rack
    rack-ssl (1.3.2)
      rack
    rack-test (0.6.1)
      rack (>= 1.0)
    rails (3.2.0)
      actionmailer (= 3.2.0)
      actionpack (= 3.2.0)
      activerecord (= 3.2.0)
      activeresource (= 3.2.0)
      activesupport (= 3.2.0)
      bundler (~> 1.0)
      railties (= 3.2.0)
    rails_autolink (1.0.4)
      rails (>= 3.1.0)
    rails_best_practices (1.7.2)
      activesupport
      colored
      erubis
      i18n
      progressbar
      sexp_processor
    railties (3.2.0)
      actionpack (= 3.2.0)
      activesupport (= 3.2.0)
      rack-ssl (~> 1.3.2)
      rake (>= 0.8.7)
      rdoc (~> 3.4)
      thor (~> 0.14.6)
    rake (0.9.2.2)
    rcov (0.9.11)
    rdoc (3.12)
      json (~> 1.4)
    reek (1.2.8)
      ruby2ruby (~> 1.2)
      ruby_parser (~> 2.0)
      sexp_processor (~> 3.0)
    responders (0.6.5)
    ri_cal (0.8.8)
    roodi (2.1.0)
      ruby_parser
    rsolr (1.0.6)
      builder (>= 2.1.2)
    rspec (2.8.0)
      rspec-core (~> 2.8.0)
      rspec-expectations (~> 2.8.0)
      rspec-mocks (~> 2.8.0)
    rspec-core (2.8.0)
    rspec-expectations (2.8.0)
      diff-lcs (~> 1.1.2)
    rspec-mocks (2.8.0)
    rspec-rails (2.8.1)
      actionpack (>= 3.0)
      activesupport (>= 3.0)
      railties (>= 3.0)
      rspec (~> 2.8.0)
    ruby-prof (0.10.8)
    ruby2ruby (1.3.1)
      ruby_parser (~> 2.0)
      sexp_processor (~> 3.0)
    ruby_parser (2.0.6)
      sexp_processor (~> 3.0)
    sanitize (2.0.3)
      nokogiri (>= 1.4.4, < 1.6)
    sass (3.1.12)
    sass-rails (3.2.3)
      railties (~> 3.2.0.beta)
      sass (>= 3.1.10)
      tilt (~> 1.3)
    sexp_processor (3.0.10)
    simple_form (1.5.2)
      actionpack (~> 3.0)
      activemodel (~> 3.0)
    simplecov (0.5.4)
      multi_json (~> 1.0.3)
      simplecov-html (~> 0.5.3)
    simplecov-html (0.5.3)
    sitemap_generator (3.0.0)
      builder
    spork (0.9.0)
    sprockets (2.1.2)
      hike (~> 1.2)
      rack (~> 1.0)
      tilt (~> 1.1, != 1.3.0)
    state_machine (1.1.2)
    sunspot (2.0.0.pre.111215)
      escape (~> 0.0.4)
      pr_geohash (~> 1.0)
      rsolr (~> 1.0.6)
    sunspot_rails (2.0.0.pre.111215)
      nokogiri
      sunspot (= 2.0.0.pre.111215)
    sunspot_solr (2.0.0.pre.111215)
      escape (~> 0.0.4)
    syntax (1.0.0)
    system_timer (1.2.4)
    thor (0.14.6)
    tilt (1.3.3)
    timecop (0.3.5)
    timeliness (0.3.4)
    treetop (1.4.10)
      polyglot
      polyglot (>= 0.3.1)
    turn (0.8.3)
      ansi
    tzinfo (0.3.31)
    uglifier (1.2.2)
      execjs (>= 0.3.0)
      multi_json (>= 1.0.2)
    uuidtools (2.1.2)
    validates_timeliness (3.0.8)
      timeliness (~> 0.3.4)
    vcr (2.0.0.rc1)
    warden (1.1.0)
      rack (>= 1.0)
    whenever (0.6.8)
      aaronh-chronic (>= 0.3.9)
      activesupport (>= 2.3.4)
    will_paginate (3.0.2)
    xml-simple (1.1.1)
    yamler (0.1.0)
    zipruby (0.3.6)

PLATFORMS
  ruby

DEPENDENCIES
  RedCloth (>= 4.2.9)
  activerecord-jdbc-adapter
  acts-as-taggable-on (~> 2.2)
  acts_as_list!
  addressable
  annotate
  astrails-safe
  attribute_normalizer (~> 1.0)
  awesome_nested_set (~> 2.1)
  aws-sdk (~> 1.3)
  cancan (>= 1.6.7)
  churn (= 0.0.13)
  client_side_validations
  coffee-rails (~> 3.2.1)
  configatron
  daemons
  dalli (~> 1.1)
  delayed_job_active_record
  devise (~> 2.0.0.rc2)
  dynamic_form
  enju_event!
  enju_news!
  enju_nii!
  enju_oai!
  exception_notification (~> 2.5.2)
  extractcontent
  factory_girl_rails (~> 1.6)
  fakeweb
  file_wrapper
  friendly_id (~> 4.0)
  geocoder
  glassfish
  guard-rspec
  has_scope
  inherited_resources (~> 1.3)
  isbn-tools!
  jdbc-postgres
  jquery-rails
  jruby-openssl
  kgio
  levenshtein
  levenshtein19
  library_stdnums
  marc
  metric_fu (~> 2.1)
  nokogiri
  oink (>= 0.9.3)
  omniauth (~> 1.0)
  paper_trail (~> 2.6)
  paperclip (~> 2.5)
  parallel_tests
  pg
  progress_bar
  rack-protection
  rails (= 3.2.0)
  rails_autolink
  rcov (= 0.9.11)
  ri_cal
  rspec-rails (~> 2.8.1)
  ruby-prof
  rubyzip2
  sanitize
  sass-rails (~> 3.2.3)
  simple_form (~> 1.5)
  simplecov (~> 0.5)
  sitemap_generator (~> 3.0)
  spork (~> 0.9)
  state_machine (~> 1.1.2)
  sunspot-rails-tester!
  sunspot_rails (~> 2.0.0.pre.111215)
  sunspot_solr (~> 2.0.0.pre.111215)
  system_timer
  timecop
  turn (~> 0.8.3)
  uglifier (>= 1.0.3)
  validates_timeliness
  vcr (~> 2.0.0.rc1)
  vidibus-routing_error!
  whenever
  will_paginate (~> 3.0)
  zipruby
