GIT
  remote: git://github.com/nabeta/enju_book_jacket.git
  revision: 688cca0c3a0e101d7cd208e71ce6aa7e9fd0cbed
  specs:
    enju_book_jacket (0.0.1)
      configatron
      rails (~> 3.2)

GIT
  remote: git://github.com/nabeta/enju_event.git
  revision: 5bd4d01caec5929e3220cebae4560314634e3d4a
  specs:
    enju_event (0.0.9)
      acts_as_list (~> 0.1.5)
      addressable
      attribute_normalizer (~> 1.1)
      cancan
      configatron
      devise
      enju_message (~> 0.0.10)
      event-calendar (~> 2.3.3)
      friendly_id (~> 4.0)
      has_scope
      inherited_resources
      paperclip
      rails (~> 3.1)
      simple_form
      state_machine
      sunspot_rails
      sunspot_solr
      will_paginate (~> 3.0)

GIT
  remote: git://github.com/nabeta/enju_manifestation_viewer.git
  revision: 63cddc5dbd2865cec4bb571700a5b0880d42128f
  specs:
    enju_manifestation_viewer (0.0.1)
      addressable
      rails (~> 3.2)

GIT
  remote: git://github.com/nabeta/enju_news.git
  revision: a88be62bf8a6d87d1986c0e49fbbd3e7c3db43fd
  specs:
    enju_news (0.0.2)
      acts_as_list (~> 0.1.5)
      cancan
      devise
      rails (~> 3.1)
      will_paginate (~> 3.0)

GIT
  remote: git://github.com/nabeta/enju_nii.git
  revision: 732981d84dccdeaf9019adeab6511efd79e01930
  specs:
    enju_nii (0.0.2)
      cancan
      devise
      inherited_resources
      rails (~> 3.1)

GIT
  remote: git://github.com/nabeta/enju_oai.git
  revision: 7e7fb239ddbc4d7d084be5043d34d2f0e991b379
  specs:
    enju_oai (0.0.1)
      rails (~> 3.1)

GIT
  remote: git://github.com/nabeta/isbn-tools.git
  revision: 05e31384f167aa7d1e560f76c1c3faf104d64709
  specs:
    isbn-tools (0.2.0)

GIT
  remote: git://github.com/nabeta/sunspot-rails-tester.git
  revision: 733d46622fd4080836ee688f00acdd2b77395af9
  specs:
    sunspot-rails-tester (0.0.4)
      sunspot_rails
      sunspot_solr

GEM
  remote: https://rubygems.org/
  specs:
    RedCloth (4.2.9)
    Saikuro (1.1.0)
    aaronh-chronic (0.3.9)
    actionmailer (3.2.2)
      actionpack (= 3.2.2)
      mail (~> 2.4.0)
    actionpack (3.2.2)
      activemodel (= 3.2.2)
      activesupport (= 3.2.2)
      builder (~> 3.0.0)
      erubis (~> 2.7.0)
      journey (~> 1.0.1)
      rack (~> 1.4.0)
      rack-cache (~> 1.1)
      rack-test (~> 0.6.1)
      sprockets (~> 2.1.2)
    activemodel (3.2.2)
      activesupport (= 3.2.2)
      builder (~> 3.0.0)
    activerecord (3.2.2)
      activemodel (= 3.2.2)
      activesupport (= 3.2.2)
      arel (~> 3.0.2)
      tzinfo (~> 0.3.29)
    activeresource (3.2.2)
      activemodel (= 3.2.2)
      activesupport (= 3.2.2)
    activesupport (3.2.2)
      i18n (~> 0.6)
      multi_json (~> 1.0)
    acts-as-taggable-on (2.2.2)
      rails (~> 3.0)
    acts_as_list (0.1.5)
    addressable (2.2.7)
    annotate (2.4.0)
    ansi (1.4.2)
    arel (3.0.2)
    astrails-safe (0.2.7)
      aws-s3
      cloudfiles
      net-sftp
    attribute_normalizer (1.1.0)
    awesome_nested_set (2.1.2)
      activerecord (>= 3.0.0)
    aws-s3 (0.6.2)
      builder
      mime-types
      xml-simple
    aws-sdk (1.3.5)
      httparty (~> 0.7)
      json (~> 1.4)
      nokogiri (>= 1.4.4)
      uuidtools (~> 2.1)
    bcrypt-ruby (3.0.1)
    builder (3.0.0)
    cancan (1.6.7)
    chronic (0.3.0)
    churn (0.0.13)
      chronic (>= 0.2.3)
      hirb
      json_pure
      main
      ruby_parser (~> 2.0.4)
      sexp_processor (~> 3.0.3)
    client_side_validations (3.2.0.beta.3)
    cloudfiles (1.5.0.1)
      json
    cocaine (0.2.1)
    coffee-rails (3.2.2)
      coffee-script (>= 2.2.0)
      railties (~> 3.2.0)
    coffee-script (2.2.0)
      coffee-script-source
      execjs
    coffee-script-source (1.2.0)
    colored (1.2)
    configatron (2.9.0)
      yamler (>= 0.1.0)
    daemons (1.1.8)
    dalli (1.1.5)
    delayed_job (3.0.1)
      activesupport (~> 3.0)
    delayed_job_active_record (0.3.2)
      activerecord (> 2.1.0)
      delayed_job (~> 3.0.0)
    devise (2.0.4)
      bcrypt-ruby (~> 3.0)
      orm_adapter (~> 0.0.3)
      railties (~> 3.1)
      warden (~> 1.1.1)
    diff-lcs (1.1.3)
    dynamic_form (1.1.4)
    enju_message (0.0.12)
      acts_as_list (~> 0.1.5)
      addressable
      attribute_normalizer (~> 1.1)
      awesome_nested_set (~> 2.1)
      cancan
      configatron
      delayed_job_active_record
      devise
      friendly_id (~> 4.0)
      inherited_resources
      rails (~> 3.1)
      simple_form
      state_machine
      sunspot_rails
      sunspot_solr
      will_paginate (~> 3.0)
    erubis (2.7.0)
    escape (0.0.4)
    event-calendar (2.3.3)
    exception_notification (2.5.2)
      actionmailer (>= 3.0.4)
    execjs (1.3.0)
      multi_json (~> 1.0)
    factory_girl (2.6.1)
      activesupport (>= 2.3.9)
    factory_girl_rails (1.7.0)
      factory_girl (~> 2.6.0)
      railties (>= 3.0.0)
    fakeweb (1.3.0)
    fattr (2.2.1)
    ffi (1.0.11)
    file_wrapper (0.4.1)
    flay (1.4.3)
      ruby_parser (~> 2.0)
      sexp_processor (~> 3.0)
    flog (2.5.3)
      ruby_parser (~> 2.0)
      sexp_processor (~> 3.0)
    friendly_id (4.0.1)
    geocoder (1.1.1)
    guard (1.0.0)
      ffi (>= 0.5.0)
      thor (~> 0.14.6)
    guard-rspec (0.6.0)
      guard (>= 0.10.0)
    has_scope (0.5.1)
    hashie (1.2.0)
    highline (1.6.11)
    hike (1.2.1)
    hirb (0.6.0)
    hodel_3000_compliant_logger (0.1.0)
    httparty (0.8.1)
      multi_json
      multi_xml
    i18n (0.6.0)
    inherited_resources (1.3.0)
      has_scope (~> 0.5.0)
      responders (~> 0.6.0)
    journey (1.0.3)
    jquery-rails (2.0.1)
      railties (>= 3.2.0, < 5.0)
      thor (~> 0.14)
    json (1.6.5)
    json_pure (1.6.5)
    kgio (2.7.2)
    levenshtein (0.2.1)
    levenshtein19 (0.2.0)
    library_stdnums (1.1.0)
    mail (2.4.1)
      i18n (>= 0.4.0)
      mime-types (~> 1.16)
      treetop (~> 1.4.8)
    main (4.7.1)
    marc (0.4.3)
    metric_fu (2.1.1)
      Saikuro (>= 1.1.0)
      activesupport (>= 2.0.0)
      chronic (~> 0.3.0)
      churn (>= 0.0.7)
      flay (>= 1.2.1)
      flog (>= 2.3.0)
      rails_best_practices (>= 0.6.4)
      rcov (>= 0.8.3.3)
      reek (>= 1.2.6)
      roodi (>= 2.1.0)
      syntax
    mime-types (1.17.2)
    multi_json (1.1.0)
    multi_xml (0.4.1)
    net-sftp (2.0.5)
      net-ssh (>= 2.0.9)
    net-ssh (2.3.0)
    nokogiri (1.5.0)
    oink (0.9.3)
      activerecord
      hodel_3000_compliant_logger
    omniauth (1.0.2)
      hashie (~> 1.2)
      rack
    options (2.3.0)
      fattr
    orm_adapter (0.0.6)
    paper_trail (2.6.0)
      rails (~> 3)
    paperclip (2.7.0)
      activerecord (>= 2.3.0)
      activesupport (>= 2.3.2)
      cocaine (>= 0.0.2)
      mime-types
    parallel (0.5.15)
    parallel_tests (0.7.1)
      parallel
    pg (0.13.2)
    polyglot (0.3.3)
    pr_geohash (1.0.0)
    progress_bar (0.4.0)
      highline (~> 1.6.1)
      options (~> 2.3.0)
    progressbar (0.10.0)
    rack (1.4.1)
    rack-cache (1.1)
      rack (>= 0.4)
    rack-protection (1.2.0)
      rack
    rack-ssl (1.3.2)
      rack
    rack-test (0.6.1)
      rack (>= 1.0)
    rails (3.2.2)
      actionmailer (= 3.2.2)
      actionpack (= 3.2.2)
      activerecord (= 3.2.2)
      activeresource (= 3.2.2)
      activesupport (= 3.2.2)
      bundler (~> 1.0)
      railties (= 3.2.2)
    rails_autolink (1.0.5)
      rails (~> 3.1)
    rails_best_practices (1.8.0)
      activesupport
      colored
      erubis
      i18n
      progressbar
      sexp_processor
    railties (3.2.2)
      actionpack (= 3.2.2)
      activesupport (= 3.2.2)
      rack-ssl (~> 1.3.2)
      rake (>= 0.8.7)
      rdoc (~> 3.4)
      thor (~> 0.14.6)
    rake (0.9.2.2)
    rcov (0.9.11)
    rdoc (3.12)
      json (~> 1.4)
    reek (1.2.8)
      ruby2ruby (~> 1.2)
      ruby_parser (~> 2.0)
      sexp_processor (~> 3.0)
    responders (0.6.5)
    ri_cal (0.8.8)
    roodi (2.1.0)
      ruby_parser
    rsolr (1.0.7)
      builder (>= 2.1.2)
    rspec (2.8.0)
      rspec-core (~> 2.8.0)
      rspec-expectations (~> 2.8.0)
      rspec-mocks (~> 2.8.0)
    rspec-core (2.8.0)
    rspec-expectations (2.8.0)
      diff-lcs (~> 1.1.2)
    rspec-mocks (2.8.0)
    rspec-rails (2.8.1)
      actionpack (>= 3.0)
      activesupport (>= 3.0)
      railties (>= 3.0)
      rspec (~> 2.8.0)
    ruby-prof (0.10.8)
    ruby2ruby (1.3.1)
      ruby_parser (~> 2.0)
      sexp_processor (~> 3.0)
    ruby_parser (2.0.6)
      sexp_processor (~> 3.0)
    sanitize (2.0.3)
      nokogiri (>= 1.4.4, < 1.6)
    sass (3.1.15)
    sass-rails (3.2.4)
      railties (~> 3.2.0)
      sass (>= 3.1.10)
      tilt (~> 1.3)
    sexp_processor (3.0.10)
    simple_form (2.0.1)
      actionpack (~> 3.0)
      activemodel (~> 3.0)
    simplecov (0.6.1)
      multi_json (~> 1.0)
      simplecov-html (~> 0.5.3)
    simplecov-html (0.5.3)
    sitemap_generator (3.0.0)
      builder
    spork (1.0.0rc2)
    spork-rails (3.2.0)
      rails (>= 3.0.0, < 3.3.0)
      spork (>= 1.0rc0)
    sprockets (2.1.2)
      hike (~> 1.2)
      rack (~> 1.0)
      tilt (~> 1.1, != 1.3.0)
    state_machine (1.1.2)
    sunspot (2.0.0.pre.111215)
      escape (~> 0.0.4)
      pr_geohash (~> 1.0)
      rsolr (~> 1.0.6)
    sunspot_rails (2.0.0.pre.111215)
      nokogiri
      sunspot (= 2.0.0.pre.111215)
    sunspot_solr (2.0.0.pre.111215)
      escape (~> 0.0.4)
    syntax (1.0.0)
    system_timer (1.2.4)
    thor (0.14.6)
    tilt (1.3.3)
    timecop (0.3.5)
    timeliness (0.3.4)
    treetop (1.4.10)
      polyglot
      polyglot (>= 0.3.1)
    turn (0.8.3)
      ansi
    tzinfo (0.3.31)
    uglifier (1.2.3)
      execjs (>= 0.3.0)
      multi_json (>= 1.0.2)
    uuidtools (2.1.2)
    validates_timeliness (3.0.8)
      timeliness (~> 0.3.4)
    vcr (2.0.0)
    vidibus-routing_error (0.2.2)
    warden (1.1.1)
      rack (>= 1.0)
    whenever (0.6.8)
      aaronh-chronic (>= 0.3.9)
      activesupport (>= 2.3.4)
    will_paginate (3.0.3)
    xml-simple (1.1.1)
    yamler (0.1.0)
    zipruby (0.3.6)

PLATFORMS
  ruby

DEPENDENCIES
  RedCloth (>= 4.2.9)
  activerecord-jdbc-adapter
  acts-as-taggable-on (~> 2.2)
  acts_as_list (~> 0.1.5)
  addressable
  annotate
  astrails-safe
  attribute_normalizer (~> 1.1)
  awesome_nested_set (~> 2.1)
  aws-sdk (~> 1.3)
  cancan (>= 1.6.7)
  churn (= 0.0.13)
  client_side_validations (~> 3.2.0.beta.3)
  coffee-rails (~> 3.2.1)
  configatron
  daemons
  dalli (~> 1.1)
  delayed_job_active_record
  devise (~> 2.0)
  dynamic_form
  enju_book_jacket!
  enju_event!
  enju_manifestation_viewer!
  enju_news!
  enju_nii!
  enju_oai!
  exception_notification (~> 2.5.2)
  factory_girl_rails (~> 1.7)
  fakeweb
  file_wrapper
  friendly_id (~> 4.0)
  geocoder
  glassfish
  guard-rspec
  has_scope
  inherited_resources (~> 1.3)
  isbn-tools!
  jdbc-postgres
  jquery-rails
  jruby-openssl
  kgio
  levenshtein
  levenshtein19
  library_stdnums
  marc
  metric_fu (~> 2.1)
  nokogiri
  oink (>= 0.9.3)
  omniauth (~> 1.0)
  paper_trail (~> 2.6)
  paperclip (~> 2.7)
  parallel_tests
  pg
  progress_bar
  rack-protection
  rails (= 3.2.2)
  rails_autolink
  rcov (= 0.9.11)
  ri_cal
  rspec-rails (~> 2.8.1)
  ruby-prof
  rubyzip2
  sanitize
  sass-rails (~> 3.2.3)
  simple_form (~> 2.0)
  simplecov (~> 0.5)
  sitemap_generator (~> 3.0)
  spork-rails
  state_machine (~> 1.1.2)
  sunspot-rails-tester!
  sunspot_rails (~> 2.0.0.pre.111215)
  sunspot_solr (~> 2.0.0.pre.111215)
  system_timer
  timecop
  turn (~> 0.8.3)
  uglifier (>= 1.0.3)
  validates_timeliness
  vcr (~> 2.0)
  vidibus-routing_error
  whenever
  will_paginate (~> 3.0)
  zipruby
